GEM
  remote: https://rubygems.org/
  specs:
    coderay (1.1.1)
    faraday (0.12.2)
      multipart-post (>= 1.2, < 3)
    json (2.1.0)
    jwt (1.5.6)
    method_source (0.8.2)
    multi_json (1.12.1)
    multi_xml (0.6.0)
    multipart-post (2.0.0)
    oauth2 (1.4.0)
      faraday (>= 0.8, < 0.13)
      jwt (~> 1.0)
      multi_json (~> 1.3)
      multi_xml (~> 0.5)
      rack (>= 1.2, < 3)
    pry (0.10.4)
      coderay (~> 1.1.0)
      method_source (~> 0.8.1)
      slop (~> 3.4)
    rack (2.0.3)
    redbooth-ruby (0.2.3)
      json (>= 1.8.1)
      multipart-post (>= 1.1.0)
      oauth2 (>= 0.8)
    slop (3.6.0)

PLATFORMS
  ruby

DEPENDENCIES
  json
  pry
  redbooth-ruby

BUNDLED WITH
   1.15.4
